GEM
  remote: https://rubygems.org/
  specs:
    bson (1.8.5)
    chunky_png (1.2.8)
    compass (0.12.2)
      chunky_png (~> 1.2)
      fssm (>= 0.2.7)
      sass (~> 3.1)
    fssm (0.2.10)
    json (1.8.0)
    liquid (2.5.0)
    mongo (1.8.5)
      bson (~> 1.8.5)
    rack (1.6.13)
    rack-protection (1.5.0)
      rack
    sass (3.2.12)
    sinatra (1.4.2)
      rack (~> 1.5, >= 1.5.2)
      rack-protection (~> 1.4)
      tilt (~> 1.3, >= 1.3.4)
    tilt (1.4.1)

PLATFORMS
  ruby

DEPENDENCIES
  compass
  json
  liquid
  mongo
  sass
  sinatra
