GEM
  remote: https://rubygems.org/
  specs:
    bson (1.8.5)
    chunky_png (1.2.8)
    compass (0.12.2)
      chunky_png (~> 1.2)
      fssm (>= 0.2.7)
      sass (~> 3.1)
    fssm (0.2.10)
    json (1.8.0)
    liquid (2.5.0)
    mongo (1.8.5)
      bson (~> 1.8.5)
    mustermann (1.1.1)
      ruby2_keywords (~> 0.0.1)
    rack (2.2.3)
    rack-protection (2.2.0)
      rack
    ruby2_keywords (0.0.5)
    sass (3.2.12)
    sinatra (2.2.0)
      mustermann (~> 1.0)
      rack (~> 2.2)
      rack-protection (= 2.2.0)
      tilt (~> 2.0)
    tilt (2.0.10)

PLATFORMS
  ruby

DEPENDENCIES
  compass
  json
  liquid
  mongo
  sass
  sinatra
